PATH
  remote: .
  specs:
    sift-partner (0.0.4)
      httparty (~> 0.13.1)
      multi_json (~> 1.0)
      sift (~> 1.1.7)

GEM
  remote: http://rubygems.org/
  specs:
    addressable (2.3.6)
    crack (0.4.2)
      safe_yaml (~> 1.0.0)
    diff-lcs (1.2.5)
    httparty (0.13.7)
      json (~> 1.8)
      multi_xml (>= 0.5.2)
    json (1.8.3)
    multi_json (1.12.1)
    multi_xml (0.5.5)
    rake (11.1.2)
    rspec (2.99.0)
      rspec-core (~> 2.99.0)
      rspec-expectations (~> 2.99.0)
      rspec-mocks (~> 2.99.0)
    rspec-core (2.99.2)
    rspec-expectations (2.99.2)
      diff-lcs (>= 1.1.3, < 2.0)
    rspec-mocks (2.99.4)
    safe_yaml (1.0.4)
    sift (1.1.7.3)
      httparty (>= 0.11.0)
      multi_json (>= 1.0)
    webmock (1.18.0)
      addressable (>= 2.3.6)
      crack (>= 0.3.2)

PLATFORMS
  ruby

DEPENDENCIES
  rake (~> 11.0)
  rspec (~> 2.0)
  sift-partner!
  webmock (~> 1.0)

BUNDLED WITH
   1.12.5
